GEM
  remote: https://rubygems.org/
  specs:
    builder (3.2.2)
    chemistrykit (3.8.1)
      builder (~> 3.2.2)
      parallel (~> 0.7.0)
      parallel_tests (~> 0.15.0)
      rest-client (~> 1.6.7)
      rspec (~> 2.14.1)
      rspec-retry (~> 0.2.1)
      selenium-connect (~> 3.4.0)
      selenium-webdriver (~> 2.29.0)
      thor (~> 0.17.0)
    childprocess (0.3.9)
      ffi (~> 1.0, >= 1.0.11)
    cmdparse (2.0.5)
    diff-lcs (1.2.4)
    ffi (1.9.0)
    highline (1.6.19)
    json (1.8.0)
    mime-types (1.24)
    multi_json (1.7.9)
    net-http-persistent (2.9)
    net-ssh (2.6.8)
    net-ssh-gateway (1.2.0)
      net-ssh (>= 2.6.5)
    parallel (0.7.1)
    parallel_tests (0.15.0)
      parallel
    rake (10.1.0)
    rest-client (1.6.7)
      mime-types (>= 1.16)
    rspec (2.14.1)
      rspec-core (~> 2.14.0)
      rspec-expectations (~> 2.14.0)
      rspec-mocks (~> 2.14.0)
    rspec-core (2.14.5)
    rspec-expectations (2.14.2)
      diff-lcs (>= 1.1.3, < 2.0)
    rspec-mocks (2.14.3)
    rspec-retry (0.2.1)
      rspec
    rubyzip (0.9.9)
    sauce (2.4.6)
      childprocess (>= 0.1.6)
      cmdparse (>= 2.0.2)
      highline (>= 1.5.0)
      json (>= 1.2.0)
      net-http-persistent
      net-ssh
      net-ssh-gateway
      rest-client
      selenium-webdriver (>= 0.1.2)
    sauce_whisk (0.0.9)
      rest-client
    selenium-connect (3.4.0)
      rake
      sauce (~> 2.4.4)
      sauce_whisk (~> 0.0.8)
      selenium-webdriver
    selenium-webdriver (2.29.0)
      childprocess (>= 0.2.5)
      multi_json (~> 1.0)
      rubyzip
      websocket (~> 1.0.4)
    thor (0.17.0)
    websocket (1.0.7)

PLATFORMS
  ruby

DEPENDENCIES
  chemistrykit
